PATH
  remote: .
  specs:
    mock_ftp (0.1)

GEM
  remote: http://rubygems.org/
  specs:
    diff-lcs (1.1.2)
    rspec (2.0.0.beta.22)
      rspec-core (= 2.0.0.beta.22)
      rspec-expectations (= 2.0.0.beta.22)
      rspec-mocks (= 2.0.0.beta.22)
    rspec-core (2.0.0.beta.22)
    rspec-expectations (2.0.0.beta.22)
      diff-lcs (>= 1.1.2)
    rspec-mocks (2.0.0.beta.22)
      rspec-core (= 2.0.0.beta.22)
      rspec-expectations (= 2.0.0.beta.22)
    timecop (0.3.5)
    yard (0.6.1)

PLATFORMS
  ruby

DEPENDENCIES
  mock_ftp!
  rspec (~> 2.0.0.beta.22)
  timecop (~> 0.3.0)
  yard (~> 0.6.0)
